PATH
  remote: .
  specs:
    bridge_api (0.0.8)
      faraday (~> 0.9.0)
      faraday_middleware (~> 0.9.0)
      footrest (>= 0.5.1)

GEM
  remote: https://rubygems.org/
  specs:
    activesupport (4.2.6)
      i18n (~> 0.7)
      json (~> 1.7, >= 1.7.7)
      minitest (~> 5.1)
      thread_safe (~> 0.3, >= 0.3.4)
      tzinfo (~> 1.1)
    addressable (2.4.0)
    byebug (8.2.2)
    coderay (1.1.1)
    crack (0.4.3)
      safe_yaml (~> 1.0.0)
    diff-lcs (1.2.5)
    faraday (0.9.2)
      multipart-post (>= 1.2, < 3)
    faraday_middleware (0.9.2)
      faraday (>= 0.7.4, < 0.10)
    footrest (0.5.1)
      activesupport (>= 3.0.0)
      faraday (~> 0.9.0)
      link_header (>= 0.0.7)
    hashdiff (0.2.3)
    i18n (0.7.0)
    json (1.8.3)
    link_header (0.0.8)
    method_source (0.8.2)
    minitest (5.9.0)
    multipart-post (2.0.0)
    pry (0.10.3)
      coderay (~> 1.1.0)
      method_source (~> 0.8.1)
      slop (~> 3.4)
    rack (1.6.4)
    rake (0.9.6)
    rspec (2.99.0)
      rspec-core (~> 2.99.0)
      rspec-expectations (~> 2.99.0)
      rspec-mocks (~> 2.99.0)
    rspec-core (2.99.2)
    rspec-expectations (2.99.2)
      diff-lcs (>= 1.1.3, < 2.0)
    rspec-mocks (2.99.4)
    safe_yaml (1.0.4)
    sinatra (1.0)
      rack (>= 1.0)
    slop (3.6.0)
    thread_safe (0.3.5)
    tilt (1.4.1)
    tzinfo (1.2.2)
      thread_safe (~> 0.1)
    webmock (1.22.6)
      addressable (>= 2.3.6)
      crack (>= 0.3.2)
      hashdiff

PLATFORMS
  ruby

DEPENDENCIES
  bridge_api!
  bundler (~> 1.0, >= 1.0.0)
  byebug (~> 8.2.2)
  pry (~> 0)
  rake (~> 0)
  rspec (~> 2.6)
  sinatra (~> 1.0)
  tilt (~> 1.3, >= 1.3.4)
  webmock (~> 1.22.6)

BUNDLED WITH
   1.11.2
